NUGET
  remote: https://api.nuget.org/v3/index.json
    Costura.Fody (1.3.3)
      Fody (>= 1.26.1)
    FluentValidation (5.5) - restriction: >= net45
    Fody (1.29.4) - content: none
    HtmlTextBlock (1.0.1) - content: none, restriction: >= net45
    ILMerge (2.14.1208) - restriction: >= net40
    MahApps.Metro (1.1) - restriction: >= net45
    MahApps.Metro.Resources (0.4) - restriction: >= net45
      MahApps.Metro (>= 1.0)
    Microsoft.CSharp (4.3) - restriction: || (== netstandard1.0) (== netstandard1.3)
      System.Collections (>= 4.3) - restriction: == netstandard1.3
      System.Diagnostics.Debug (>= 4.3) - restriction: == netstandard1.3
      System.Dynamic.Runtime (>= 4.3) - restriction: == netstandard1.0
      System.Dynamic.Runtime (>= 4.3) - restriction: == netstandard1.3
      System.Globalization (>= 4.3) - restriction: == netstandard1.3
      System.Linq (>= 4.3) - restriction: == netstandard1.3
      System.Linq.Expressions (>= 4.3) - restriction: == netstandard1.0
      System.Linq.Expressions (>= 4.3) - restriction: == netstandard1.3
      System.ObjectModel (>= 4.3) - restriction: == netstandard1.3
      System.Reflection (>= 4.3) - restriction: == netstandard1.3
      System.Reflection.Extensions (>= 4.3) - restriction: == netstandard1.3
      System.Reflection.Primitives (>= 4.3) - restriction: == netstandard1.3
      System.Reflection.TypeExtensions (>= 4.3) - restriction: == netstandard1.3
      System.Resources.ResourceManager (>= 4.3) - restriction: == netstandard1.3
      System.Runtime (>= 4.3) - restriction: == netstandard1.0
      System.Runtime (>= 4.3) - restriction: == netstandard1.3
      System.Runtime.Extensions (>= 4.3) - restriction: == netstandard1.3
      System.Runtime.InteropServices (>= 4.3) - restriction: == netstandard1.3
      System.Threading (>= 4.3) - restriction: == netstandard1.3
    Microsoft.NETCore.Platforms (1.1) - restriction: || (== netstandard1.0) (== netstandard1.1) (== netstandard1.3)
    Microsoft.NETCore.Targets (1.1) - restriction: || (== netstandard1.0) (== netstandard1.1) (== netstandard1.3)
    Microsoft.Win32.Primitives (4.3) - restriction: == netstandard1.3
      Microsoft.NETCore.Platforms (>= 1.1) - restriction: == netstandard1.3
      Microsoft.NETCore.Targets (>= 1.1) - restriction: == netstandard1.3
      System.Runtime (>= 4.3) - restriction: == netstandard1.3
    NETStandard.Library (1.6.1) - restriction: || (== netstandard1.0) (== netstandard1.3)
      Microsoft.NETCore.Platforms (>= 1.1) - restriction: == netstandard1.0
      Microsoft.NETCore.Platforms (>= 1.1) - restriction: == netstandard1.3
      Microsoft.Win32.Primitives (>= 4.3) - restriction: == netstandard1.3
      System.AppContext (>= 4.3) - restriction: == netstandard1.3
      System.Collections (>= 4.3) - restriction: == netstandard1.0
      System.Collections (>= 4.3) - restriction: == netstandard1.3
      System.Collections.Concurrent (>= 4.3) - restriction: == netstandard1.3
      System.Console (>= 4.3) - restriction: == netstandard1.3
      System.Diagnostics.Debug (>= 4.3) - restriction: == netstandard1.0
      System.Diagnostics.Debug (>= 4.3) - restriction: == netstandard1.3
      System.Diagnostics.Tools (>= 4.3) - restriction: == netstandard1.0
      System.Diagnostics.Tools (>= 4.3) - restriction: == netstandard1.3
      System.Diagnostics.Tracing (>= 4.3) - restriction: == netstandard1.3
      System.Globalization (>= 4.3) - restriction: == netstandard1.0
      System.Globalization (>= 4.3) - restriction: == netstandard1.3
      System.Globalization.Calendars (>= 4.3) - restriction: == netstandard1.3
      System.IO (>= 4.3) - restriction: == netstandard1.0
      System.IO (>= 4.3) - restriction: == netstandard1.3
      System.IO.Compression (>= 4.3) - restriction: == netstandard1.3
      System.IO.Compression.ZipFile (>= 4.3) - restriction: == netstandard1.3
      System.IO.FileSystem (>= 4.3) - restriction: == netstandard1.3
      System.IO.FileSystem.Primitives (>= 4.3) - restriction: == netstandard1.3
      System.Linq (>= 4.3) - restriction: == netstandard1.0
      System.Linq (>= 4.3) - restriction: == netstandard1.3
      System.Linq.Expressions (>= 4.3) - restriction: == netstandard1.0
      System.Linq.Expressions (>= 4.3) - restriction: == netstandard1.3
      System.Net.Http (>= 4.3) - restriction: == netstandard1.3
      System.Net.Primitives (>= 4.3) - restriction: == netstandard1.0
      System.Net.Primitives (>= 4.3) - restriction: == netstandard1.3
      System.Net.Sockets (>= 4.3) - restriction: == netstandard1.3
      System.ObjectModel (>= 4.3) - restriction: == netstandard1.0
      System.ObjectModel (>= 4.3) - restriction: == netstandard1.3
      System.Reflection (>= 4.3) - restriction: == netstandard1.0
      System.Reflection (>= 4.3) - restriction: == netstandard1.3
      System.Reflection.Extensions (>= 4.3) - restriction: == netstandard1.0
      System.Reflection.Extensions (>= 4.3) - restriction: == netstandard1.3
      System.Reflection.Primitives (>= 4.3) - restriction: == netstandard1.0
      System.Reflection.Primitives (>= 4.3) - restriction: == netstandard1.3
      System.Resources.ResourceManager (>= 4.3) - restriction: == netstandard1.0
      System.Resources.ResourceManager (>= 4.3) - restriction: == netstandard1.3
      System.Runtime (>= 4.3) - restriction: == netstandard1.0
      System.Runtime (>= 4.3) - restriction: == netstandard1.3
      System.Runtime.Extensions (>= 4.3) - restriction: == netstandard1.0
      System.Runtime.Extensions (>= 4.3) - restriction: == netstandard1.3
      System.Runtime.Handles (>= 4.3) - restriction: == netstandard1.3
      System.Runtime.InteropServices (>= 4.3) - restriction: == netstandard1.3
      System.Runtime.InteropServices.RuntimeInformation (>= 4.3) - restriction: == netstandard1.3
      System.Runtime.Numerics (>= 4.3) - restriction: == netstandard1.3
      System.Security.Cryptography.Algorithms (>= 4.3) - restriction: == netstandard1.3
      System.Security.Cryptography.Encoding (>= 4.3) - restriction: == netstandard1.3
      System.Security.Cryptography.Primitives (>= 4.3) - restriction: == netstandard1.3
      System.Security.Cryptography.X509Certificates (>= 4.3) - restriction: == netstandard1.3
      System.Text.Encoding (>= 4.3) - restriction: == netstandard1.0
      System.Text.Encoding (>= 4.3) - restriction: == netstandard1.3
      System.Text.Encoding.Extensions (>= 4.3) - restriction: == netstandard1.0
      System.Text.Encoding.Extensions (>= 4.3) - restriction: == netstandard1.3
      System.Text.RegularExpressions (>= 4.3) - restriction: == netstandard1.0
      System.Text.RegularExpressions (>= 4.3) - restriction: == netstandard1.3
      System.Threading (>= 4.3) - restriction: == netstandard1.0
      System.Threading (>= 4.3) - restriction: == netstandard1.3
      System.Threading.Tasks (>= 4.3) - restriction: == netstandard1.0
      System.Threading.Tasks (>= 4.3) - restriction: == netstandard1.3
      System.Threading.Timer (>= 4.3) - restriction: == netstandard1.3
      System.Xml.ReaderWriter (>= 4.3) - restriction: == netstandard1.0
      System.Xml.ReaderWriter (>= 4.3) - restriction: == netstandard1.3
      System.Xml.XDocument (>= 4.3) - restriction: == netstandard1.0
      System.Xml.XDocument (>= 4.3) - restriction: == netstandard1.3
    Newtonsoft.Json (10.0.2)
      Microsoft.CSharp (>= 4.3) - restriction: == netstandard1.0
      Microsoft.CSharp (>= 4.3) - restriction: == netstandard1.3
      NETStandard.Library (>= 1.6.1) - restriction: == netstandard1.0
      NETStandard.Library (>= 1.6.1) - restriction: == netstandard1.3
      System.ComponentModel.TypeConverter (>= 4.3) - restriction: == netstandard1.0
      System.ComponentModel.TypeConverter (>= 4.3) - restriction: == netstandard1.3
      System.Runtime.Serialization.Formatters (>= 4.3) - restriction: == netstandard1.3
      System.Runtime.Serialization.Primitives (>= 4.3) - restriction: == netstandard1.0
      System.Runtime.Serialization.Primitives (>= 4.3) - restriction: == netstandard1.3
      System.Xml.XmlDocument (>= 4.3) - restriction: == netstandard1.3
    NuGet.CommandLine (4.1)
    reactiveui (6.3.1) - restriction: >= net45
      reactiveui-core (6.3.1)
    reactiveui-core (6.3.1) - restriction: >= net45
      Rx-Main (>= 2.2.5)
      Rx-Main (>= 2.2.5) - restriction: == net45
      Rx-Main (>= 2.2.5) - restriction: >= portable-win81+wpa81
      Rx-WinRT (>= 2.2.5) - restriction: >= portable-win81+wpa81
      Rx-Xaml (>= 2.2.5) - restriction: == net45
      Rx-Xaml (>= 2.2.5) - restriction: >= portable-win81+wpa81
      Splat (>= 1.6)
      Splat (>= 1.6) - restriction: == net45
      Splat (>= 1.6) - restriction: >= portable-win81+wpa81
    reactiveui-events (6.3.1) - restriction: >= net45
      Rx-Main (>= 2.2.5)
    runtime.debian.8-x64.runtime.native.System.Security.Cryptography.OpenSsl (4.3.1) - restriction: == netstandard1.3
    runtime.fedora.23-x64.runtime.native.System.Security.Cryptography.OpenSsl (4.3.1) - restriction: == netstandard1.3
    runtime.fedora.24-x64.runtime.native.System.Security.Cryptography.OpenSsl (4.3.1) - restriction: == netstandard1.3
    runtime.native.System (4.3) - restriction: == netstandard1.3
      Microsoft.NETCore.Platforms (>= 1.1)
      Microsoft.NETCore.Targets (>= 1.1)
    runtime.native.System.IO.Compression (4.3) - restriction: == netstandard1.3
      Microsoft.NETCore.Platforms (>= 1.1)
      Microsoft.NETCore.Targets (>= 1.1)
    runtime.native.System.Security.Cryptography.OpenSsl (4.3.1) - restriction: == netstandard1.3
      runtime.debian.8-x64.runtime.native.System.Security.Cryptography.OpenSsl (>= 4.3.1)
      runtime.fedora.23-x64.runtime.native.System.Security.Cryptography.OpenSsl (>= 4.3.1)
      runtime.fedora.24-x64.runtime.native.System.Security.Cryptography.OpenSsl (>= 4.3.1)
      runtime.opensuse.13.2-x64.runtime.native.System.Security.Cryptography.OpenSsl (>= 4.3.1)
      runtime.opensuse.42.1-x64.runtime.native.System.Security.Cryptography.OpenSsl (>= 4.3.1)
      runtime.osx.10.10-x64.runtime.native.System.Security.Cryptography.OpenSsl (>= 4.3.1)
      runtime.rhel.7-x64.runtime.native.System.Security.Cryptography.OpenSsl (>= 4.3.1)
      runtime.ubuntu.14.04-x64.runtime.native.System.Security.Cryptography.OpenSsl (>= 4.3.1)
      runtime.ubuntu.16.04-x64.runtime.native.System.Security.Cryptography.OpenSsl (>= 4.3.1)
      runtime.ubuntu.16.10-x64.runtime.native.System.Security.Cryptography.OpenSsl (>= 4.3.1)
    runtime.opensuse.13.2-x64.runtime.native.System.Security.Cryptography.OpenSsl (4.3.1) - restriction: == netstandard1.3
    runtime.opensuse.42.1-x64.runtime.native.System.Security.Cryptography.OpenSsl (4.3.1) - restriction: == netstandard1.3
    runtime.osx.10.10-x64.runtime.native.System.Security.Cryptography.OpenSsl (4.3.1) - restriction: == netstandard1.3
    runtime.rhel.7-x64.runtime.native.System.Security.Cryptography.OpenSsl (4.3.1) - restriction: == netstandard1.3
    runtime.ubuntu.14.04-x64.runtime.native.System.Security.Cryptography.OpenSsl (4.3.1) - restriction: == netstandard1.3
    runtime.ubuntu.16.04-x64.runtime.native.System.Security.Cryptography.OpenSsl (4.3.1) - restriction: == netstandard1.3
    runtime.ubuntu.16.10-x64.runtime.native.System.Security.Cryptography.OpenSsl (4.3.1) - restriction: == netstandard1.3
    Rx-Core (2.2.5)
      Rx-Interfaces (>= 2.2.5)
    Rx-Interfaces (2.2.5)
    Rx-Linq (2.2.5)
      Rx-Core (>= 2.2.5)
      Rx-Interfaces (>= 2.2.5)
    Rx-Main (2.2.5)
      Rx-Core (>= 2.2.5)
      Rx-Interfaces (>= 2.2.5)
      Rx-Linq (>= 2.2.5)
      Rx-PlatformServices (>= 2.2.5)
    Rx-PlatformServices (2.2.5)
      Rx-Core (>= 2.2.5)
      Rx-Interfaces (>= 2.2.5)
    Rx-WinRT (2.2.5) - restriction: && (>= net45) (>= portable-win81+wpa81)
      Rx-Main (>= 2.2.5)
    Rx-Xaml (2.2.5) - restriction: >= net45
      Rx-Main (>= 2.2.5)
    semver (2.0.4)
      System.Runtime (>= 4.1) - restriction: == netstandard1.1
      System.Runtime.Extensions (>= 4.1) - restriction: == netstandard1.1
      System.Runtime.InteropServices (>= 4.1) - restriction: == netstandard1.1
      System.Text.RegularExpressions (>= 4.1) - restriction: == netstandard1.1
    SharpYaml (1.6.1) - restriction: >= net40
    Splat (1.6) - restriction: >= net45
    System.AppContext (4.3) - restriction: == netstandard1.3
      System.Runtime (>= 4.3) - restriction: == netstandard1.3
    System.Buffers (4.3) - restriction: == netstandard1.3
    System.Collections (4.3) - restriction: || (== netstandard1.0) (== netstandard1.3)
      Microsoft.NETCore.Platforms (>= 1.1) - restriction: == netstandard1.3
      Microsoft.NETCore.Targets (>= 1.1) - restriction: == netstandard1.3
      System.Runtime (>= 4.3) - restriction: == netstandard1.3
    System.Collections.Concurrent (4.3) - restriction: == netstandard1.3
      System.Collections (>= 4.3) - restriction: == netstandard1.3
      System.Diagnostics.Debug (>= 4.3) - restriction: == netstandard1.3
      System.Diagnostics.Tracing (>= 4.3) - restriction: == netstandard1.3
      System.Globalization (>= 4.3) - restriction: == netstandard1.3
      System.Reflection (>= 4.3) - restriction: == netstandard1.3
      System.Resources.ResourceManager (>= 4.3) - restriction: == netstandard1.3
      System.Runtime (>= 4.3) - restriction: == netstandard1.3
      System.Runtime.Extensions (>= 4.3) - restriction: == netstandard1.3
      System.Threading (>= 4.3) - restriction: == netstandard1.3
      System.Threading.Tasks (>= 4.3) - restriction: == netstandard1.3
    System.ComponentModel (4.3) - restriction: == netstandard1.0
      System.Runtime (>= 4.3) - restriction: == netstandard1.0
    System.ComponentModel.Primitives (4.3) - restriction: == netstandard1.0
      System.ComponentModel (>= 4.3) - restriction: == netstandard1.0
      System.Resources.ResourceManager (>= 4.3) - restriction: == netstandard1.0
      System.Runtime (>= 4.3) - restriction: == netstandard1.0
    System.ComponentModel.TypeConverter (4.3) - restriction: || (== netstandard1.0) (== netstandard1.3)
      System.Collections (>= 4.3) - restriction: == netstandard1.0
      System.ComponentModel (>= 4.3) - restriction: == netstandard1.0
      System.ComponentModel.Primitives (>= 4.3) - restriction: == netstandard1.0
      System.Globalization (>= 4.3) - restriction: == netstandard1.0
      System.Reflection (>= 4.3) - restriction: == netstandard1.0
      System.Reflection.Extensions (>= 4.3) - restriction: == netstandard1.0
      System.Reflection.Primitives (>= 4.3) - restriction: == netstandard1.0
      System.Resources.ResourceManager (>= 4.3) - restriction: == netstandard1.0
      System.Runtime (>= 4.3) - restriction: == netstandard1.0
      System.Runtime.Extensions (>= 4.3) - restriction: == netstandard1.0
      System.Threading (>= 4.3) - restriction: == netstandard1.0
    System.Console (4.3) - restriction: == netstandard1.3
      Microsoft.NETCore.Platforms (>= 1.1) - restriction: == netstandard1.3
      Microsoft.NETCore.Targets (>= 1.1) - restriction: == netstandard1.3
      System.IO (>= 4.3) - restriction: == netstandard1.3
      System.Runtime (>= 4.3) - restriction: == netstandard1.3
      System.Text.Encoding (>= 4.3) - restriction: == netstandard1.3
    System.Diagnostics.Debug (4.3) - restriction: || (== netstandard1.0) (== netstandard1.3)
      Microsoft.NETCore.Platforms (>= 1.1) - restriction: == netstandard1.3
      Microsoft.NETCore.Targets (>= 1.1) - restriction: == netstandard1.3
      System.Runtime (>= 4.3) - restriction: == netstandard1.3
    System.Diagnostics.DiagnosticSource (4.3.1) - restriction: == netstandard1.3
      System.Collections (>= 4.3) - restriction: == netstandard1.3
      System.Diagnostics.Tracing (>= 4.3) - restriction: == netstandard1.3
      System.Reflection (>= 4.3) - restriction: == netstandard1.3
      System.Runtime (>= 4.3) - restriction: == netstandard1.3
      System.Threading (>= 4.3) - restriction: == netstandard1.3
    System.Diagnostics.Tools (4.3) - restriction: || (== netstandard1.0) (== netstandard1.3)
      Microsoft.NETCore.Platforms (>= 1.1) - restriction: == netstandard1.0
      Microsoft.NETCore.Targets (>= 1.1) - restriction: == netstandard1.0
      System.Runtime (>= 4.3) - restriction: == netstandard1.0
    System.Diagnostics.Tracing (4.3) - restriction: == netstandard1.3
      Microsoft.NETCore.Platforms (>= 1.1) - restriction: == netstandard1.3
      Microsoft.NETCore.Targets (>= 1.1) - restriction: == netstandard1.3
      System.Runtime (>= 4.3) - restriction: == netstandard1.3
    System.Dynamic.Runtime (4.3) - restriction: || (== netstandard1.0) (== netstandard1.3)
      System.Collections (>= 4.3) - restriction: == netstandard1.3
      System.Diagnostics.Debug (>= 4.3) - restriction: == netstandard1.3
      System.Linq (>= 4.3) - restriction: == netstandard1.3
      System.Linq.Expressions (>= 4.3) - restriction: == netstandard1.0
      System.Linq.Expressions (>= 4.3) - restriction: == netstandard1.3
      System.ObjectModel (>= 4.3) - restriction: == netstandard1.0
      System.ObjectModel (>= 4.3) - restriction: == netstandard1.3
      System.Reflection (>= 4.3) - restriction: == netstandard1.0
      System.Reflection (>= 4.3) - restriction: == netstandard1.3
      System.Reflection.Emit (>= 4.3) - restriction: == netstandard1.3
      System.Reflection.Emit.ILGeneration (>= 4.3) - restriction: == netstandard1.3
      System.Reflection.Primitives (>= 4.3) - restriction: == netstandard1.3
      System.Reflection.TypeExtensions (>= 4.3) - restriction: == netstandard1.3
      System.Resources.ResourceManager (>= 4.3) - restriction: == netstandard1.3
      System.Runtime (>= 4.3) - restriction: == netstandard1.0
      System.Runtime (>= 4.3) - restriction: == netstandard1.3
      System.Runtime.Extensions (>= 4.3) - restriction: == netstandard1.3
      System.Threading (>= 4.3) - restriction: == netstandard1.3
    System.Globalization (4.3) - restriction: || (== netstandard1.0) (== netstandard1.3)
      Microsoft.NETCore.Platforms (>= 1.1) - restriction: == netstandard1.3
      Microsoft.NETCore.Targets (>= 1.1) - restriction: == netstandard1.3
      System.Runtime (>= 4.3) - restriction: == netstandard1.3
    System.Globalization.Calendars (4.3) - restriction: == netstandard1.3
      Microsoft.NETCore.Platforms (>= 1.1) - restriction: == netstandard1.3
      Microsoft.NETCore.Targets (>= 1.1) - restriction: == netstandard1.3
      System.Globalization (>= 4.3) - restriction: == netstandard1.3
      System.Runtime (>= 4.3) - restriction: == netstandard1.3
    System.IO (4.3) - restriction: || (== netstandard1.0) (== netstandard1.3)
      Microsoft.NETCore.Platforms (>= 1.1) - restriction: == netstandard1.0
      Microsoft.NETCore.Platforms (>= 1.1) - restriction: == netstandard1.3
      Microsoft.NETCore.Targets (>= 1.1) - restriction: == netstandard1.0
      Microsoft.NETCore.Targets (>= 1.1) - restriction: == netstandard1.3
      System.Runtime (>= 4.3) - restriction: == netstandard1.0
      System.Runtime (>= 4.3) - restriction: == netstandard1.3
      System.Text.Encoding (>= 4.3) - restriction: == netstandard1.0
      System.Text.Encoding (>= 4.3) - restriction: == netstandard1.3
      System.Threading.Tasks (>= 4.3) - restriction: == netstandard1.0
      System.Threading.Tasks (>= 4.3) - restriction: == netstandard1.3
    System.IO.Abstractions (2.0.0.144)
    System.IO.Abstractions.TestingHelpers (2.0.0.143)
      System.IO.Abstractions
    System.IO.Compression (4.3) - restriction: == netstandard1.3
      Microsoft.NETCore.Platforms (>= 1.1) - restriction: == netstandard1.3
      runtime.native.System (>= 4.3) - restriction: == netstandard1.3
      runtime.native.System.IO.Compression (>= 4.3) - restriction: == netstandard1.3
      System.Buffers (>= 4.3) - restriction: == netstandard1.3
      System.Collections (>= 4.3) - restriction: == netstandard1.3
      System.Diagnostics.Debug (>= 4.3) - restriction: == netstandard1.3
      System.IO (>= 4.3) - restriction: == netstandard1.3
      System.Resources.ResourceManager (>= 4.3) - restriction: == netstandard1.3
      System.Runtime (>= 4.3) - restriction: == netstandard1.3
      System.Runtime.Extensions (>= 4.3) - restriction: == netstandard1.3
      System.Runtime.Handles (>= 4.3) - restriction: == netstandard1.3
      System.Runtime.InteropServices (>= 4.3) - restriction: == netstandard1.3
      System.Text.Encoding (>= 4.3) - restriction: == netstandard1.3
      System.Threading (>= 4.3) - restriction: == netstandard1.3
      System.Threading.Tasks (>= 4.3) - restriction: == netstandard1.3
    System.IO.Compression.ZipFile (4.3) - restriction: == netstandard1.3
      System.Buffers (>= 4.3) - restriction: == netstandard1.3
      System.IO (>= 4.3) - restriction: == netstandard1.3
      System.IO.Compression (>= 4.3) - restriction: == netstandard1.3
      System.IO.FileSystem (>= 4.3) - restriction: == netstandard1.3
      System.IO.FileSystem.Primitives (>= 4.3) - restriction: == netstandard1.3
      System.Resources.ResourceManager (>= 4.3) - restriction: == netstandard1.3
      System.Runtime (>= 4.3) - restriction: == netstandard1.3
      System.Runtime.Extensions (>= 4.3) - restriction: == netstandard1.3
      System.Text.Encoding (>= 4.3) - restriction: == netstandard1.3
    System.IO.FileSystem (4.3) - restriction: == netstandard1.3
      Microsoft.NETCore.Platforms (>= 1.1) - restriction: == netstandard1.3
      Microsoft.NETCore.Targets (>= 1.1) - restriction: == netstandard1.3
      System.IO (>= 4.3) - restriction: == netstandard1.3
      System.IO.FileSystem.Primitives (>= 4.3) - restriction: == netstandard1.3
      System.Runtime (>= 4.3) - restriction: == netstandard1.3
      System.Runtime.Handles (>= 4.3) - restriction: == netstandard1.3
      System.Text.Encoding (>= 4.3) - restriction: == netstandard1.3
      System.Threading.Tasks (>= 4.3) - restriction: == netstandard1.3
    System.IO.FileSystem.Primitives (4.3) - restriction: == netstandard1.3
      System.Runtime (>= 4.3) - restriction: == netstandard1.3
    System.Linq (4.3) - restriction: || (== netstandard1.0) (== netstandard1.3)
    System.Linq.Expressions (4.3) - restriction: || (== netstandard1.0) (== netstandard1.3)
      System.Reflection (>= 4.3) - restriction: == netstandard1.0
      System.Reflection (>= 4.3) - restriction: == netstandard1.3
      System.Runtime (>= 4.3) - restriction: == netstandard1.0
      System.Runtime (>= 4.3) - restriction: == netstandard1.3
    System.Net.Http (4.3.2) - restriction: == netstandard1.3
      Microsoft.NETCore.Platforms (>= 1.1) - restriction: == netstandard1.3
      Microsoft.Win32.Primitives (>= 4.3) - restriction: == netstandard1.3
      System.Collections (>= 4.3) - restriction: == netstandard1.3
      System.Diagnostics.Debug (>= 4.3) - restriction: == netstandard1.3
      System.Diagnostics.DiagnosticSource (>= 4.3) - restriction: == netstandard1.3
      System.Diagnostics.Tracing (>= 4.3) - restriction: == netstandard1.3
      System.Globalization (>= 4.3) - restriction: == netstandard1.3
      System.IO (>= 4.3) - restriction: == netstandard1.3
      System.IO.Compression (>= 4.3) - restriction: == netstandard1.3
      System.Net.Primitives (>= 4.3) - restriction: == netstandard1.3
      System.Resources.ResourceManager (>= 4.3) - restriction: == netstandard1.3
      System.Runtime (>= 4.3) - restriction: == netstandard1.3
      System.Runtime.Extensions (>= 4.3) - restriction: == netstandard1.3
      System.Runtime.Handles (>= 4.3) - restriction: == netstandard1.3
      System.Runtime.InteropServices (>= 4.3) - restriction: == netstandard1.3
      System.Security.Cryptography.Encoding (>= 4.3) - restriction: == netstandard1.3
      System.Security.Cryptography.X509Certificates (>= 4.3) - restriction: == netstandard1.3
      System.Text.Encoding (>= 4.3) - restriction: == netstandard1.3
      System.Threading (>= 4.3) - restriction: == netstandard1.3
      System.Threading.Tasks (>= 4.3) - restriction: == netstandard1.3
    System.Net.Primitives (4.3) - restriction: || (== netstandard1.0) (== netstandard1.3)
      Microsoft.NETCore.Platforms (>= 1.1) - restriction: == netstandard1.0
      Microsoft.NETCore.Platforms (>= 1.1) - restriction: == netstandard1.3
      Microsoft.NETCore.Targets (>= 1.1) - restriction: == netstandard1.0
      Microsoft.NETCore.Targets (>= 1.1) - restriction: == netstandard1.3
      System.Runtime (>= 4.3) - restriction: == netstandard1.0
      System.Runtime (>= 4.3) - restriction: == netstandard1.3
      System.Runtime.Handles (>= 4.3) - restriction: == netstandard1.3
    System.Net.Sockets (4.3) - restriction: == netstandard1.3
      Microsoft.NETCore.Platforms (>= 1.1) - restriction: == netstandard1.3
      Microsoft.NETCore.Targets (>= 1.1) - restriction: == netstandard1.3
      System.IO (>= 4.3) - restriction: == netstandard1.3
      System.Net.Primitives (>= 4.3) - restriction: == netstandard1.3
      System.Runtime (>= 4.3) - restriction: == netstandard1.3
      System.Threading.Tasks (>= 4.3) - restriction: == netstandard1.3
    System.ObjectModel (4.3) - restriction: || (== netstandard1.0) (== netstandard1.3)
      System.Collections (>= 4.3) - restriction: == netstandard1.3
      System.Diagnostics.Debug (>= 4.3) - restriction: == netstandard1.3
      System.Resources.ResourceManager (>= 4.3) - restriction: == netstandard1.3
      System.Runtime (>= 4.3) - restriction: == netstandard1.3
      System.Threading (>= 4.3) - restriction: == netstandard1.3
    System.Reflection (4.3) - restriction: || (== netstandard1.0) (== netstandard1.1) (== netstandard1.3)
      Microsoft.NETCore.Platforms (>= 1.1) - restriction: == netstandard1.3
      Microsoft.NETCore.Targets (>= 1.1) - restriction: == netstandard1.3
      System.IO (>= 4.3) - restriction: == netstandard1.3
      System.Reflection.Primitives (>= 4.3) - restriction: == netstandard1.3
      System.Runtime (>= 4.3) - restriction: == netstandard1.3
    System.Reflection.Emit (4.3) - restriction: == netstandard1.3
    System.Reflection.Emit.ILGeneration (4.3) - restriction: == netstandard1.3
    System.Reflection.Extensions (4.3) - restriction: || (== netstandard1.0) (== netstandard1.3)
    System.Reflection.Primitives (4.3) - restriction: || (== netstandard1.0) (== netstandard1.1) (== netstandard1.3)
    System.Reflection.TypeExtensions (4.3) - restriction: == netstandard1.3
      System.Reflection (>= 4.3) - restriction: == netstandard1.3
      System.Runtime (>= 4.3) - restriction: == netstandard1.3
    System.Resources.ResourceManager (4.3) - restriction: || (== netstandard1.0) (== netstandard1.3)
    System.Runtime (4.3) - restriction: || (== netstandard1.0) (== netstandard1.1) (== netstandard1.3)
    System.Runtime.Extensions (4.3) - restriction: || (== netstandard1.0) (== netstandard1.1) (== netstandard1.3)
    System.Runtime.Handles (4.3) - restriction: == netstandard1.3
      Microsoft.NETCore.Platforms (>= 1.1) - restriction: == netstandard1.3
      Microsoft.NETCore.Targets (>= 1.1) - restriction: == netstandard1.3
      System.Runtime (>= 4.3) - restriction: == netstandard1.3
    System.Runtime.InteropServices (4.3) - restriction: || (== netstandard1.1) (== netstandard1.3)
      Microsoft.NETCore.Platforms (>= 1.1) - restriction: == netstandard1.1
      Microsoft.NETCore.Targets (>= 1.1) - restriction: == netstandard1.1
      System.Reflection (>= 4.3) - restriction: == netstandard1.1
      System.Reflection.Primitives (>= 4.3) - restriction: == netstandard1.1
      System.Runtime (>= 4.3) - restriction: == netstandard1.1
    System.Runtime.InteropServices.RuntimeInformation (4.3) - restriction: == netstandard1.3
    System.Runtime.Numerics (4.3) - restriction: == netstandard1.3
      System.Globalization (>= 4.3) - restriction: == netstandard1.3
      System.Resources.ResourceManager (>= 4.3) - restriction: == netstandard1.3
      System.Runtime (>= 4.3) - restriction: == netstandard1.3
      System.Runtime.Extensions (>= 4.3) - restriction: == netstandard1.3
    System.Runtime.Serialization.Formatters (4.3) - restriction: == netstandard1.3
      System.Runtime (>= 4.3) - restriction: == netstandard1.3
      System.Runtime.Serialization.Primitives (>= 4.3) - restriction: == netstandard1.3
    System.Runtime.Serialization.Primitives (4.3) - restriction: || (== netstandard1.0) (== netstandard1.3)
      System.Resources.ResourceManager (>= 4.3) - restriction: == netstandard1.3
      System.Runtime (>= 4.3) - restriction: == netstandard1.0
      System.Runtime (>= 4.3) - restriction: == netstandard1.3
    System.Security.Cryptography.Algorithms (4.3) - restriction: == netstandard1.3
      System.IO (>= 4.3) - restriction: == netstandard1.3
      System.Runtime (>= 4.3) - restriction: == netstandard1.3
      System.Security.Cryptography.Primitives (>= 4.3) - restriction: == netstandard1.3
    System.Security.Cryptography.Encoding (4.3) - restriction: == netstandard1.3
      Microsoft.NETCore.Platforms (>= 1.1) - restriction: == netstandard1.3
      runtime.native.System.Security.Cryptography.OpenSsl (>= 4.3) - restriction: == netstandard1.3
      System.Collections (>= 4.3) - restriction: == netstandard1.3
      System.Collections.Concurrent (>= 4.3) - restriction: == netstandard1.3
      System.Linq (>= 4.3) - restriction: == netstandard1.3
      System.Resources.ResourceManager (>= 4.3) - restriction: == netstandard1.3
      System.Runtime (>= 4.3) - restriction: == netstandard1.3
      System.Runtime.Extensions (>= 4.3) - restriction: == netstandard1.3
      System.Runtime.Handles (>= 4.3) - restriction: == netstandard1.3
      System.Runtime.InteropServices (>= 4.3) - restriction: == netstandard1.3
      System.Security.Cryptography.Primitives (>= 4.3) - restriction: == netstandard1.3
      System.Text.Encoding (>= 4.3) - restriction: == netstandard1.3
    System.Security.Cryptography.Primitives (4.3) - restriction: == netstandard1.3
      System.Diagnostics.Debug (>= 4.3) - restriction: == netstandard1.3
      System.Globalization (>= 4.3) - restriction: == netstandard1.3
      System.IO (>= 4.3) - restriction: == netstandard1.3
      System.Resources.ResourceManager (>= 4.3) - restriction: == netstandard1.3
      System.Runtime (>= 4.3) - restriction: == netstandard1.3
      System.Threading (>= 4.3) - restriction: == netstandard1.3
      System.Threading.Tasks (>= 4.3) - restriction: == netstandard1.3
    System.Security.Cryptography.X509Certificates (4.3) - restriction: == netstandard1.3
      System.Runtime (>= 4.3) - restriction: == netstandard1.3
      System.Runtime.Handles (>= 4.3) - restriction: == netstandard1.3
      System.Security.Cryptography.Algorithms (>= 4.3) - restriction: == netstandard1.3
      System.Security.Cryptography.Encoding (>= 4.3) - restriction: == netstandard1.3
    System.Text.Encoding (4.3) - restriction: || (== netstandard1.0) (== netstandard1.3)
      Microsoft.NETCore.Platforms (>= 1.1) - restriction: == netstandard1.0
      Microsoft.NETCore.Platforms (>= 1.1) - restriction: == netstandard1.3
      Microsoft.NETCore.Targets (>= 1.1) - restriction: == netstandard1.0
      Microsoft.NETCore.Targets (>= 1.1) - restriction: == netstandard1.3
      System.Runtime (>= 4.3) - restriction: == netstandard1.0
      System.Runtime (>= 4.3) - restriction: == netstandard1.3
    System.Text.Encoding.Extensions (4.3) - restriction: || (== netstandard1.0) (== netstandard1.3)
      Microsoft.NETCore.Platforms (>= 1.1) - restriction: == netstandard1.0
      Microsoft.NETCore.Platforms (>= 1.1) - restriction: == netstandard1.3
      Microsoft.NETCore.Targets (>= 1.1) - restriction: == netstandard1.0
      Microsoft.NETCore.Targets (>= 1.1) - restriction: == netstandard1.3
      System.Runtime (>= 4.3) - restriction: == netstandard1.0
      System.Runtime (>= 4.3) - restriction: == netstandard1.3
      System.Text.Encoding (>= 4.3) - restriction: == netstandard1.0
      System.Text.Encoding (>= 4.3) - restriction: == netstandard1.3
    System.Text.RegularExpressions (4.3) - restriction: || (== netstandard1.0) (== netstandard1.1) (== netstandard1.3)
    System.Threading (4.3) - restriction: || (== netstandard1.0) (== netstandard1.3)
      System.Runtime (>= 4.3) - restriction: == netstandard1.3
      System.Threading.Tasks (>= 4.3) - restriction: == netstandard1.3
    System.Threading.Tasks (4.3) - restriction: || (== netstandard1.0) (== netstandard1.3)
      Microsoft.NETCore.Platforms (>= 1.1) - restriction: == netstandard1.0
      Microsoft.NETCore.Platforms (>= 1.1) - restriction: == netstandard1.3
      Microsoft.NETCore.Targets (>= 1.1) - restriction: == netstandard1.0
      Microsoft.NETCore.Targets (>= 1.1) - restriction: == netstandard1.3
      System.Runtime (>= 4.3) - restriction: == netstandard1.0
      System.Runtime (>= 4.3) - restriction: == netstandard1.3
    System.Threading.Tasks.Extensions (4.3) - restriction: == netstandard1.3
    System.Threading.Timer (4.3) - restriction: == netstandard1.3
    System.Xml.ReaderWriter (4.3) - restriction: || (== netstandard1.0) (== netstandard1.3)
      System.Collections (>= 4.3) - restriction: == netstandard1.3
      System.Diagnostics.Debug (>= 4.3) - restriction: == netstandard1.3
      System.Globalization (>= 4.3) - restriction: == netstandard1.3
      System.IO (>= 4.3) - restriction: == netstandard1.0
      System.IO (>= 4.3) - restriction: == netstandard1.3
      System.IO.FileSystem (>= 4.3) - restriction: == netstandard1.3
      System.IO.FileSystem.Primitives (>= 4.3) - restriction: == netstandard1.3
      System.Resources.ResourceManager (>= 4.3) - restriction: == netstandard1.3
      System.Runtime (>= 4.3) - restriction: == netstandard1.0
      System.Runtime (>= 4.3) - restriction: == netstandard1.3
      System.Runtime.Extensions (>= 4.3) - restriction: == netstandard1.3
      System.Runtime.InteropServices (>= 4.3) - restriction: == netstandard1.3
      System.Text.Encoding (>= 4.3) - restriction: == netstandard1.0
      System.Text.Encoding (>= 4.3) - restriction: == netstandard1.3
      System.Text.Encoding.Extensions (>= 4.3) - restriction: == netstandard1.3
      System.Text.RegularExpressions (>= 4.3) - restriction: == netstandard1.3
      System.Threading.Tasks (>= 4.3) - restriction: == netstandard1.0
      System.Threading.Tasks (>= 4.3) - restriction: == netstandard1.3
      System.Threading.Tasks.Extensions (>= 4.3) - restriction: == netstandard1.3
    System.Xml.XDocument (4.3) - restriction: || (== netstandard1.0) (== netstandard1.3)
      System.Collections (>= 4.3) - restriction: == netstandard1.3
      System.Diagnostics.Debug (>= 4.3) - restriction: == netstandard1.3
      System.Diagnostics.Tools (>= 4.3) - restriction: == netstandard1.3
      System.Globalization (>= 4.3) - restriction: == netstandard1.3
      System.IO (>= 4.3) - restriction: == netstandard1.0
      System.IO (>= 4.3) - restriction: == netstandard1.3
      System.Reflection (>= 4.3) - restriction: == netstandard1.3
      System.Resources.ResourceManager (>= 4.3) - restriction: == netstandard1.3
      System.Runtime (>= 4.3) - restriction: == netstandard1.0
      System.Runtime (>= 4.3) - restriction: == netstandard1.3
      System.Runtime.Extensions (>= 4.3) - restriction: == netstandard1.3
      System.Text.Encoding (>= 4.3) - restriction: == netstandard1.3
      System.Threading (>= 4.3) - restriction: == netstandard1.3
      System.Xml.ReaderWriter (>= 4.3) - restriction: == netstandard1.0
      System.Xml.ReaderWriter (>= 4.3) - restriction: == netstandard1.3
    System.Xml.XmlDocument (4.3) - restriction: == netstandard1.3
      System.Collections (>= 4.3) - restriction: == netstandard1.3
      System.Diagnostics.Debug (>= 4.3) - restriction: == netstandard1.3
      System.Globalization (>= 4.3) - restriction: == netstandard1.3
      System.IO (>= 4.3) - restriction: == netstandard1.3
      System.Resources.ResourceManager (>= 4.3) - restriction: == netstandard1.3
      System.Runtime (>= 4.3) - restriction: == netstandard1.3
      System.Runtime.Extensions (>= 4.3) - restriction: == netstandard1.3
      System.Text.Encoding (>= 4.3) - restriction: == netstandard1.3
      System.Threading (>= 4.3) - restriction: == netstandard1.3
      System.Xml.ReaderWriter (>= 4.3) - restriction: == netstandard1.3
    Topshelf (3.1.4)
    WindowsAPICodePack-Core (1.1.1) - restriction: >= net45
    WindowsAPICodePack-Shell (1.1.1) - restriction: >= net45
      WindowsAPICodePack-Core (>= 1.1.1)
    WixSharp.bin (1.4.4.1) - restriction: >= net40
    WixSharp.wix.bin (3.10.3)
    YamlDotNet (3.8) - restriction: >= net40

GROUP build
NUGET
  remote: https://www.nuget.org/api/v2
    FAKE (4.61.2)
    FSharp.Configuration (1.2)
    FSharp.Data (2.3.3)
      Zlib.Portable (>= 1.11) - restriction: || (>= portable-net45+win8+sl5) (>= portable-net45+win8+wp8+wpa81)
    FSharp.Text.RegexProvider (1.0)
    System.Management.Automation (6.1.7601.17515)
    xunit.runner.console (2.2)
    Zlib.Portable (1.11) - restriction: || (>= portable-net45+win8+sl5) (>= portable-net45+win8+wp8+wpa81)

GROUP tests
NUGET
  remote: https://www.nuget.org/api/v2
    FluentAssertions (4.19.2)
      NETStandard.Library (>= 1.6) - restriction: >= netstandard1.3
      System.Reflection.TypeExtensions (>= 4.1) - restriction: >= netstandard1.3
    Microsoft.NETCore.Platforms (1.1) - restriction: >= netstandard1.1
    Microsoft.NETCore.Targets (1.1) - restriction: >= netstandard1.1
    Microsoft.Win32.Primitives (4.3) - restriction: || (>= net452) (>= netstandard1.3)
      Microsoft.NETCore.Platforms (>= 1.1) - restriction: >= netstandard1.3
      Microsoft.NETCore.Targets (>= 1.1) - restriction: >= netstandard1.3
      System.Runtime (>= 4.3) - restriction: >= netstandard1.3
    NETStandard.Library (1.6.1) - restriction: >= netstandard1.1
      Microsoft.NETCore.Platforms (>= 1.1) - restriction: >= netstandard1.0
      Microsoft.Win32.Primitives (>= 4.3) - restriction: >= netstandard1.3
      System.AppContext (>= 4.3) - restriction: >= netstandard1.3
      System.Collections (>= 4.3) - restriction: >= netstandard1.0
      System.Collections.Concurrent (>= 4.3) - restriction: >= netstandard1.1
      System.Console (>= 4.3) - restriction: >= netstandard1.3
      System.Diagnostics.Debug (>= 4.3) - restriction: >= netstandard1.0
      System.Diagnostics.Tools (>= 4.3) - restriction: >= netstandard1.0
      System.Diagnostics.Tracing (>= 4.3) - restriction: >= netstandard1.1
      System.Globalization (>= 4.3) - restriction: >= netstandard1.0
      System.Globalization.Calendars (>= 4.3) - restriction: >= netstandard1.3
      System.IO (>= 4.3) - restriction: >= netstandard1.0
      System.IO.Compression (>= 4.3) - restriction: >= netstandard1.1
      System.IO.Compression.ZipFile (>= 4.3) - restriction: >= netstandard1.3
      System.IO.FileSystem (>= 4.3) - restriction: >= netstandard1.3
      System.IO.FileSystem.Primitives (>= 4.3) - restriction: >= netstandard1.3
      System.Linq (>= 4.3) - restriction: >= netstandard1.0
      System.Linq.Expressions (>= 4.3) - restriction: >= netstandard1.0
      System.Net.Http (>= 4.3) - restriction: >= netstandard1.1
      System.Net.Primitives (>= 4.3) - restriction: >= netstandard1.0
      System.Net.Sockets (>= 4.3) - restriction: >= netstandard1.3
      System.ObjectModel (>= 4.3) - restriction: >= netstandard1.0
      System.Reflection (>= 4.3) - restriction: >= netstandard1.0
      System.Reflection.Extensions (>= 4.3) - restriction: >= netstandard1.0
      System.Reflection.Primitives (>= 4.3) - restriction: >= netstandard1.0
      System.Resources.ResourceManager (>= 4.3) - restriction: >= netstandard1.0
      System.Runtime (>= 4.3) - restriction: >= netstandard1.0
      System.Runtime.Extensions (>= 4.3) - restriction: >= netstandard1.0
      System.Runtime.Handles (>= 4.3) - restriction: >= netstandard1.3
      System.Runtime.InteropServices (>= 4.3) - restriction: >= netstandard1.1
      System.Runtime.InteropServices.RuntimeInformation (>= 4.3) - restriction: >= netstandard1.1
      System.Runtime.Numerics (>= 4.3) - restriction: >= netstandard1.1
      System.Security.Cryptography.Algorithms (>= 4.3) - restriction: >= netstandard1.3
      System.Security.Cryptography.Encoding (>= 4.3) - restriction: >= netstandard1.3
      System.Security.Cryptography.Primitives (>= 4.3) - restriction: >= netstandard1.3
      System.Security.Cryptography.X509Certificates (>= 4.3) - restriction: >= netstandard1.3
      System.Text.Encoding (>= 4.3) - restriction: >= netstandard1.0
      System.Text.Encoding.Extensions (>= 4.3) - restriction: >= netstandard1.0
      System.Text.RegularExpressions (>= 4.3) - restriction: >= netstandard1.0
      System.Threading (>= 4.3) - restriction: >= netstandard1.0
      System.Threading.Tasks (>= 4.3) - restriction: >= netstandard1.0
      System.Threading.Timer (>= 4.3) - restriction: >= netstandard1.2
      System.Xml.ReaderWriter (>= 4.3) - restriction: >= netstandard1.0
      System.Xml.XDocument (>= 4.3) - restriction: >= netstandard1.0
    runtime.debian.8-x64.runtime.native.System.Security.Cryptography.OpenSsl (4.3.1) - restriction: || (>= net452) (>= netstandard1.3)
    runtime.fedora.23-x64.runtime.native.System.Security.Cryptography.OpenSsl (4.3.1) - restriction: || (>= net452) (>= netstandard1.3)
    runtime.fedora.24-x64.runtime.native.System.Security.Cryptography.OpenSsl (4.3.1) - restriction: || (>= net452) (>= netstandard1.3)
    runtime.native.System (4.3) - restriction: >= netstandard1.1
      Microsoft.NETCore.Platforms (>= 1.1)
      Microsoft.NETCore.Targets (>= 1.1)
    runtime.native.System.IO.Compression (4.3) - restriction: || (>= net452) (>= netstandard1.3)
      Microsoft.NETCore.Platforms (>= 1.1)
      Microsoft.NETCore.Targets (>= 1.1)
    runtime.native.System.Net.Http (4.3) - restriction: || (>= net452) (>= netstandard1.6)
      Microsoft.NETCore.Platforms (>= 1.1)
      Microsoft.NETCore.Targets (>= 1.1)
    runtime.native.System.Security.Cryptography.Apple (4.3) - restriction: || (>= net452) (>= netstandard1.6)
      runtime.osx.10.10-x64.runtime.native.System.Security.Cryptography.Apple (>= 4.3)
    runtime.native.System.Security.Cryptography.OpenSsl (4.3.1) - restriction: || (>= net452) (>= netstandard1.3)
      runtime.debian.8-x64.runtime.native.System.Security.Cryptography.OpenSsl (>= 4.3.1)
      runtime.fedora.23-x64.runtime.native.System.Security.Cryptography.OpenSsl (>= 4.3.1)
      runtime.fedora.24-x64.runtime.native.System.Security.Cryptography.OpenSsl (>= 4.3.1)
      runtime.opensuse.13.2-x64.runtime.native.System.Security.Cryptography.OpenSsl (>= 4.3.1)
      runtime.opensuse.42.1-x64.runtime.native.System.Security.Cryptography.OpenSsl (>= 4.3.1)
      runtime.osx.10.10-x64.runtime.native.System.Security.Cryptography.OpenSsl (>= 4.3.1)
      runtime.rhel.7-x64.runtime.native.System.Security.Cryptography.OpenSsl (>= 4.3.1)
      runtime.ubuntu.14.04-x64.runtime.native.System.Security.Cryptography.OpenSsl (>= 4.3.1)
      runtime.ubuntu.16.04-x64.runtime.native.System.Security.Cryptography.OpenSsl (>= 4.3.1)
      runtime.ubuntu.16.10-x64.runtime.native.System.Security.Cryptography.OpenSsl (>= 4.3.1)
    runtime.opensuse.13.2-x64.runtime.native.System.Security.Cryptography.OpenSsl (4.3.1) - restriction: || (>= net452) (>= netstandard1.3)
    runtime.opensuse.42.1-x64.runtime.native.System.Security.Cryptography.OpenSsl (4.3.1) - restriction: || (>= net452) (>= netstandard1.3)
    runtime.osx.10.10-x64.runtime.native.System.Security.Cryptography.Apple (4.3) - restriction: || (>= net452) (>= netstandard1.6)
    runtime.osx.10.10-x64.runtime.native.System.Security.Cryptography.OpenSsl (4.3.1) - restriction: || (>= net452) (>= netstandard1.3)
    runtime.rhel.7-x64.runtime.native.System.Security.Cryptography.OpenSsl (4.3.1) - restriction: || (>= net452) (>= netstandard1.3)
    runtime.ubuntu.14.04-x64.runtime.native.System.Security.Cryptography.OpenSsl (4.3.1) - restriction: || (>= net452) (>= netstandard1.3)
    runtime.ubuntu.16.04-x64.runtime.native.System.Security.Cryptography.OpenSsl (4.3.1) - restriction: || (>= net452) (>= netstandard1.3)
    runtime.ubuntu.16.10-x64.runtime.native.System.Security.Cryptography.OpenSsl (4.3.1) - restriction: || (>= net452) (>= netstandard1.3)
    System.AppContext (4.3) - restriction: >= netstandard1.3
      System.Runtime (>= 4.3) - restriction: || (== dnxcore50) (== netstandard1.3) (>= netstandard1.6)
    System.Buffers (4.3) - restriction: || (>= net452) (>= netstandard1.3)
      System.Diagnostics.Debug (>= 4.3) - restriction: >= netstandard1.1
      System.Diagnostics.Tracing (>= 4.3) - restriction: >= netstandard1.1
      System.Resources.ResourceManager (>= 4.3) - restriction: >= netstandard1.1
      System.Runtime (>= 4.3) - restriction: >= netstandard1.1
      System.Threading (>= 4.3) - restriction: >= netstandard1.1
    System.Collections (4.3) - restriction: >= netstandard1.1
      Microsoft.NETCore.Platforms (>= 1.1) - restriction: || (== dnxcore50) (== netstandard1.0) (>= netstandard1.3)
      Microsoft.NETCore.Targets (>= 1.1) - restriction: || (== dnxcore50) (== netstandard1.0) (>= netstandard1.3)
      System.Runtime (>= 4.3) - restriction: || (== dnxcore50) (== netstandard1.0) (>= netstandard1.3)
    System.Collections.Concurrent (4.3) - restriction: >= netstandard1.1
      System.Collections (>= 4.3) - restriction: || (== dnxcore50) (>= netstandard1.3)
      System.Diagnostics.Debug (>= 4.3) - restriction: || (== dnxcore50) (>= netstandard1.3)
      System.Diagnostics.Tracing (>= 4.3) - restriction: || (== dnxcore50) (>= netstandard1.3)
      System.Globalization (>= 4.3) - restriction: || (== dnxcore50) (>= netstandard1.3)
      System.Reflection (>= 4.3) - restriction: >= netstandard1.3
      System.Resources.ResourceManager (>= 4.3) - restriction: || (== dnxcore50) (>= netstandard1.3)
      System.Runtime (>= 4.3) - restriction: || (== dnxcore50) (== netstandard1.1) (>= netstandard1.3)
      System.Runtime.Extensions (>= 4.3) - restriction: || (== dnxcore50) (>= netstandard1.3)
      System.Threading (>= 4.3) - restriction: || (== dnxcore50) (>= netstandard1.3)
      System.Threading.Tasks (>= 4.3) - restriction: || (== dnxcore50) (== netstandard1.1) (>= netstandard1.3)
    System.Console (4.3) - restriction: >= netstandard1.3
      Microsoft.NETCore.Platforms (>= 1.1) - restriction: >= netstandard1.3
      Microsoft.NETCore.Targets (>= 1.1) - restriction: >= netstandard1.3
      System.IO (>= 4.3) - restriction: >= netstandard1.3
      System.Runtime (>= 4.3) - restriction: >= netstandard1.3
      System.Text.Encoding (>= 4.3) - restriction: >= netstandard1.3
    System.Diagnostics.Debug (4.3) - restriction: >= netstandard1.1
      Microsoft.NETCore.Platforms (>= 1.1) - restriction: || (== dnxcore50) (== netstandard1.0) (>= netstandard1.3)
      Microsoft.NETCore.Targets (>= 1.1) - restriction: || (== dnxcore50) (== netstandard1.0) (>= netstandard1.3)
      System.Runtime (>= 4.3) - restriction: || (== dnxcore50) (== netstandard1.0) (>= netstandard1.3)
    System.Diagnostics.DiagnosticSource (4.3.1) - restriction: || (== netstandard1.3) (>= net452) (>= netstandard1.6)
      System.Collections (>= 4.3) - restriction: || (== netstandard1.1) (>= netstandard1.3)
      System.Diagnostics.Tracing (>= 4.3) - restriction: || (== netstandard1.1) (>= netstandard1.3)
      System.Reflection (>= 4.3) - restriction: || (== netstandard1.1) (>= netstandard1.3)
      System.Runtime (>= 4.3) - restriction: || (== netstandard1.1) (>= netstandard1.3)
      System.Threading (>= 4.3) - restriction: || (== netstandard1.1) (>= netstandard1.3)
    System.Diagnostics.Tools (4.3) - restriction: >= netstandard1.1
      Microsoft.NETCore.Platforms (>= 1.1) - restriction: || (== dnxcore50) (>= netstandard1.0)
      Microsoft.NETCore.Targets (>= 1.1) - restriction: || (== dnxcore50) (>= netstandard1.0)
      System.Runtime (>= 4.3) - restriction: || (== dnxcore50) (>= netstandard1.0)
    System.Diagnostics.Tracing (4.3) - restriction: >= netstandard1.1
      Microsoft.NETCore.Platforms (>= 1.1) - restriction: || (== dnxcore50) (== netstandard1.1) (== netstandard1.2) (== netstandard1.3) (>= netstandard1.5)
      Microsoft.NETCore.Targets (>= 1.1) - restriction: || (== dnxcore50) (== netstandard1.1) (== netstandard1.2) (== netstandard1.3) (>= netstandard1.5)
      System.Runtime (>= 4.3) - restriction: || (== dnxcore50) (== netstandard1.1) (== netstandard1.2) (== netstandard1.3) (>= netstandard1.5)
    System.Globalization (4.3) - restriction: >= netstandard1.1
      Microsoft.NETCore.Platforms (>= 1.1) - restriction: || (== dnxcore50) (== netstandard1.0) (>= netstandard1.3)
      Microsoft.NETCore.Targets (>= 1.1) - restriction: || (== dnxcore50) (== netstandard1.0) (>= netstandard1.3)
      System.Runtime (>= 4.3) - restriction: || (== dnxcore50) (== netstandard1.0) (>= netstandard1.3)
    System.Globalization.Calendars (4.3) - restriction: >= netstandard1.3
      Microsoft.NETCore.Platforms (>= 1.1) - restriction: >= netstandard1.3
      Microsoft.NETCore.Targets (>= 1.1) - restriction: >= netstandard1.3
      System.Globalization (>= 4.3) - restriction: >= netstandard1.3
      System.Runtime (>= 4.3) - restriction: >= netstandard1.3
    System.Globalization.Extensions (4.3) - restriction: || (>= net452) (>= netstandard1.6)
      Microsoft.NETCore.Platforms (>= 1.1) - restriction: >= netstandard1.3
      System.Globalization (>= 4.3) - restriction: >= netstandard1.3
      System.Resources.ResourceManager (>= 4.3) - restriction: >= netstandard1.3
      System.Runtime (>= 4.3) - restriction: >= netstandard1.3
      System.Runtime.Extensions (>= 4.3) - restriction: >= netstandard1.3
      System.Runtime.InteropServices (>= 4.3) - restriction: >= netstandard1.3
    System.IO (4.3) - restriction: >= netstandard1.1
      Microsoft.NETCore.Platforms (>= 1.1) - restriction: || (== dnxcore50) (== netstandard1.0) (== netstandard1.3) (>= netstandard1.5)
      Microsoft.NETCore.Targets (>= 1.1) - restriction: || (== dnxcore50) (== netstandard1.0) (== netstandard1.3) (>= netstandard1.5)
      System.Runtime (>= 4.3) - restriction: || (== dnxcore50) (== netstandard1.0) (== netstandard1.3) (>= netstandard1.5)
      System.Text.Encoding (>= 4.3) - restriction: || (== dnxcore50) (== netstandard1.0) (== netstandard1.3) (>= netstandard1.5)
      System.Threading.Tasks (>= 4.3) - restriction: || (== dnxcore50) (== netstandard1.0) (== netstandard1.3) (>= netstandard1.5)
    System.IO.Compression (4.3) - restriction: >= netstandard1.1
      Microsoft.NETCore.Platforms (>= 1.1) - restriction: >= netstandard1.3
      runtime.native.System (>= 4.3) - restriction: >= netstandard1.3
      runtime.native.System.IO.Compression (>= 4.3) - restriction: || (== dnxcore50) (>= netstandard1.3)
      System.Buffers (>= 4.3) - restriction: || (== dnxcore50) (>= netstandard1.3)
      System.Collections (>= 4.3) - restriction: || (== dnxcore50) (>= netstandard1.3)
      System.Diagnostics.Debug (>= 4.3) - restriction: || (== dnxcore50) (>= netstandard1.3)
      System.IO (>= 4.3) - restriction: || (== dnxcore50) (== netstandard1.1) (>= netstandard1.3)
      System.Resources.ResourceManager (>= 4.3) - restriction: || (== dnxcore50) (>= netstandard1.3)
      System.Runtime (>= 4.3) - restriction: || (== dnxcore50) (== netstandard1.1) (>= netstandard1.3)
      System.Runtime.Extensions (>= 4.3) - restriction: || (== dnxcore50) (>= netstandard1.3)
      System.Runtime.Handles (>= 4.3) - restriction: || (== dnxcore50) (>= netstandard1.3)
      System.Runtime.InteropServices (>= 4.3) - restriction: || (== dnxcore50) (>= netstandard1.3)
      System.Text.Encoding (>= 4.3) - restriction: || (== dnxcore50) (== netstandard1.1) (>= netstandard1.3)
      System.Threading (>= 4.3) - restriction: || (== dnxcore50) (>= netstandard1.3)
      System.Threading.Tasks (>= 4.3) - restriction: || (== dnxcore50) (>= netstandard1.3)
    System.IO.Compression.ZipFile (4.3) - restriction: >= netstandard1.3
      System.Buffers (>= 4.3) - restriction: >= netstandard1.3
      System.IO (>= 4.3) - restriction: >= netstandard1.3
      System.IO.Compression (>= 4.3) - restriction: >= netstandard1.3
      System.IO.FileSystem (>= 4.3) - restriction: >= netstandard1.3
      System.IO.FileSystem.Primitives (>= 4.3) - restriction: >= netstandard1.3
      System.Resources.ResourceManager (>= 4.3) - restriction: >= netstandard1.3
      System.Runtime (>= 4.3) - restriction: >= netstandard1.3
      System.Runtime.Extensions (>= 4.3) - restriction: >= netstandard1.3
      System.Text.Encoding (>= 4.3) - restriction: >= netstandard1.3
    System.IO.FileSystem (4.3) - restriction: || (>= net452) (>= netstandard1.3)
      Microsoft.NETCore.Platforms (>= 1.1) - restriction: >= netstandard1.3
      Microsoft.NETCore.Targets (>= 1.1) - restriction: >= netstandard1.3
      System.IO (>= 4.3) - restriction: >= netstandard1.3
      System.IO.FileSystem.Primitives (>= 4.3) - restriction: >= netstandard1.3
      System.Runtime (>= 4.3) - restriction: >= netstandard1.3
      System.Runtime.Handles (>= 4.3) - restriction: >= netstandard1.3
      System.Text.Encoding (>= 4.3) - restriction: >= netstandard1.3
      System.Threading.Tasks (>= 4.3) - restriction: >= netstandard1.3
    System.IO.FileSystem.Primitives (4.3) - restriction: || (>= net452) (>= netstandard1.3)
      System.Runtime (>= 4.3) - restriction: >= netstandard1.3
    System.Linq (4.3) - restriction: >= netstandard1.1
      System.Collections (>= 4.3) - restriction: || (== dnxcore50) (== netstandard1.0) (>= netstandard1.6)
      System.Diagnostics.Debug (>= 4.3) - restriction: || (== dnxcore50) (>= netstandard1.6)
      System.Resources.ResourceManager (>= 4.3) - restriction: || (== dnxcore50) (>= netstandard1.6)
      System.Runtime (>= 4.3) - restriction: || (== dnxcore50) (== netstandard1.0) (>= netstandard1.6)
      System.Runtime.Extensions (>= 4.3) - restriction: || (== dnxcore50) (>= netstandard1.6)
    System.Linq.Expressions (4.3) - restriction: >= netstandard1.1
      System.Collections (>= 4.3) - restriction: || (== dnxcore50) (>= netstandard1.6)
      System.Diagnostics.Debug (>= 4.3) - restriction: || (== dnxcore50) (>= netstandard1.6)
      System.Globalization (>= 4.3) - restriction: || (== dnxcore50) (>= netstandard1.6)
      System.IO (>= 4.3) - restriction: || (== dnxcore50) (>= netstandard1.6)
      System.Linq (>= 4.3) - restriction: || (== dnxcore50) (>= netstandard1.6)
      System.ObjectModel (>= 4.3) - restriction: >= netstandard1.6
      System.Reflection (>= 4.3) - restriction: || (== dnxcore50) (== netstandard1.0) (== netstandard1.3) (>= netstandard1.6)
      System.Reflection.Emit (>= 4.3) - restriction: >= netstandard1.6
      System.Reflection.Emit.ILGeneration (>= 4.3) - restriction: || (== dnxcore50) (>= netstandard1.6)
      System.Reflection.Emit.Lightweight (>= 4.3) - restriction: || (== dnxcore50) (>= netstandard1.6)
      System.Reflection.Extensions (>= 4.3) - restriction: || (== dnxcore50) (>= netstandard1.6)
      System.Reflection.Primitives (>= 4.3) - restriction: || (== dnxcore50) (>= netstandard1.6)
      System.Reflection.TypeExtensions (>= 4.3) - restriction: || (== dnxcore50) (>= netstandard1.6)
      System.Resources.ResourceManager (>= 4.3) - restriction: || (== dnxcore50) (>= netstandard1.6)
      System.Runtime (>= 4.3) - restriction: || (== dnxcore50) (== netstandard1.0) (== netstandard1.3) (>= netstandard1.6)
      System.Runtime.Extensions (>= 4.3) - restriction: || (== dnxcore50) (>= netstandard1.6)
      System.Threading (>= 4.3) - restriction: || (== dnxcore50) (>= netstandard1.6)
    System.Net.Http (4.3.2) - restriction: >= netstandard1.1
      Microsoft.NETCore.Platforms (>= 1.1) - restriction: || (== dnxcore50) (== netstandard1.3) (>= netstandard1.6)
      Microsoft.Win32.Primitives (>= 4.3) - restriction: == netstandard1.3
      runtime.native.System (>= 4.3) - restriction: >= netstandard1.6
      runtime.native.System.Net.Http (>= 4.3) - restriction: >= netstandard1.6
      runtime.native.System.Security.Cryptography.OpenSsl (>= 4.3) - restriction: >= netstandard1.6
      System.Collections (>= 4.3) - restriction: || (== dnxcore50) (== netstandard1.3) (>= netstandard1.6)
      System.Diagnostics.Debug (>= 4.3) - restriction: || (== dnxcore50) (== netstandard1.3) (>= netstandard1.6)
      System.Diagnostics.DiagnosticSource (>= 4.3) - restriction: || (== dnxcore50) (== netstandard1.3) (>= netstandard1.6)
      System.Diagnostics.Tracing (>= 4.3) - restriction: || (== dnxcore50) (== netstandard1.3) (>= netstandard1.6)
      System.Globalization (>= 4.3) - restriction: || (== dnxcore50) (== netstandard1.3) (>= netstandard1.6)
      System.Globalization.Extensions (>= 4.3) - restriction: >= netstandard1.6
      System.IO (>= 4.3) - restriction: || (== dnxcore50) (== netstandard1.1) (== netstandard1.3) (>= netstandard1.6)
      System.IO.Compression (>= 4.3) - restriction: == netstandard1.3
      System.IO.FileSystem (>= 4.3) - restriction: >= netstandard1.6
      System.Net.Primitives (>= 4.3) - restriction: || (== dnxcore50) (== netstandard1.1) (== netstandard1.3) (>= netstandard1.6)
      System.Resources.ResourceManager (>= 4.3) - restriction: || (== dnxcore50) (== netstandard1.3) (>= netstandard1.6)
      System.Runtime (>= 4.3) - restriction: || (== dnxcore50) (== netstandard1.1) (== netstandard1.3) (>= netstandard1.6)
      System.Runtime.Extensions (>= 4.3) - restriction: || (== dnxcore50) (== netstandard1.3) (>= netstandard1.6)
      System.Runtime.Handles (>= 4.3) - restriction: || (== netstandard1.3) (>= netstandard1.6)
      System.Runtime.InteropServices (>= 4.3) - restriction: || (== dnxcore50) (== netstandard1.3) (>= netstandard1.6)
      System.Security.Cryptography.Algorithms (>= 4.3) - restriction: >= netstandard1.6
      System.Security.Cryptography.Encoding (>= 4.3) - restriction: || (== netstandard1.3) (>= netstandard1.6)
      System.Security.Cryptography.OpenSsl (>= 4.3) - restriction: >= netstandard1.6
      System.Security.Cryptography.Primitives (>= 4.3) - restriction: >= netstandard1.6
      System.Security.Cryptography.X509Certificates (>= 4.3) - restriction: || (== dnxcore50) (== netstandard1.3) (>= net46) (>= netstandard1.6)
      System.Text.Encoding (>= 4.3) - restriction: || (== dnxcore50) (== netstandard1.1) (== netstandard1.3) (>= netstandard1.6)
      System.Threading (>= 4.3) - restriction: || (== dnxcore50) (== netstandard1.3) (>= netstandard1.6)
      System.Threading.Tasks (>= 4.3) - restriction: || (== dnxcore50) (== netstandard1.1) (== netstandard1.3) (>= netstandard1.6)
    System.Net.Primitives (4.3) - restriction: >= netstandard1.1
      Microsoft.NETCore.Platforms (>= 1.1) - restriction: || (== dnxcore50) (== netstandard1.0) (== netstandard1.1) (>= netstandard1.3)
      Microsoft.NETCore.Targets (>= 1.1) - restriction: || (== dnxcore50) (== netstandard1.0) (== netstandard1.1) (>= netstandard1.3)
      System.Runtime (>= 4.3) - restriction: || (== dnxcore50) (== netstandard1.0) (== netstandard1.1) (>= netstandard1.3)
      System.Runtime.Handles (>= 4.3) - restriction: || (== dnxcore50) (>= netstandard1.3)
    System.Net.Sockets (4.3) - restriction: >= netstandard1.3
      Microsoft.NETCore.Platforms (>= 1.1) - restriction: >= netstandard1.3
      Microsoft.NETCore.Targets (>= 1.1) - restriction: >= netstandard1.3
      System.IO (>= 4.3) - restriction: >= netstandard1.3
      System.Net.Primitives (>= 4.3) - restriction: >= netstandard1.3
      System.Runtime (>= 4.3) - restriction: >= netstandard1.3
      System.Threading.Tasks (>= 4.3) - restriction: >= netstandard1.3
    System.ObjectModel (4.3) - restriction: >= netstandard1.1
      System.Collections (>= 4.3) - restriction: || (== dnxcore50) (>= netstandard1.3)
      System.Diagnostics.Debug (>= 4.3) - restriction: || (== dnxcore50) (>= netstandard1.3)
      System.Resources.ResourceManager (>= 4.3) - restriction: || (== dnxcore50) (>= netstandard1.3)
      System.Runtime (>= 4.3) - restriction: || (== dnxcore50) (== netstandard1.0) (>= netstandard1.3)
      System.Threading (>= 4.3) - restriction: || (== dnxcore50) (>= netstandard1.3)
    System.Reflection (4.3) - restriction: >= netstandard1.1
      Microsoft.NETCore.Platforms (>= 1.1) - restriction: || (== dnxcore50) (== netstandard1.0) (== netstandard1.3) (>= netstandard1.5)
      Microsoft.NETCore.Targets (>= 1.1) - restriction: || (== dnxcore50) (== netstandard1.0) (== netstandard1.3) (>= netstandard1.5)
      System.IO (>= 4.3) - restriction: || (== dnxcore50) (== netstandard1.0) (== netstandard1.3) (>= netstandard1.5)
      System.Reflection.Primitives (>= 4.3) - restriction: || (== dnxcore50) (== netstandard1.0) (== netstandard1.3) (>= netstandard1.5)
      System.Runtime (>= 4.3) - restriction: || (== dnxcore50) (== netstandard1.0) (== netstandard1.3) (>= netstandard1.5)
    System.Reflection.Emit (4.3) - restriction: || (>= net452) (>= netstandard1.6)
      System.IO (>= 4.3) - restriction: >= netstandard1.1
      System.Reflection (>= 4.3) - restriction: >= netstandard1.1
      System.Reflection.Emit.ILGeneration (>= 4.3) - restriction: >= netstandard1.1
      System.Reflection.Primitives (>= 4.3) - restriction: >= netstandard1.1
      System.Runtime (>= 4.3) - restriction: >= netstandard1.1
    System.Reflection.Emit.ILGeneration (4.3) - restriction: || (>= net452) (>= netstandard1.6)
      System.Reflection (>= 4.3) - restriction: >= netstandard1.0
      System.Reflection.Primitives (>= 4.3) - restriction: >= netstandard1.0
      System.Runtime (>= 4.3) - restriction: >= netstandard1.0
    System.Reflection.Emit.Lightweight (4.3) - restriction: || (>= net452) (>= netstandard1.6)
      System.Reflection (>= 4.3) - restriction: >= netstandard1.0
      System.Reflection.Emit.ILGeneration (>= 4.3) - restriction: >= netstandard1.0
      System.Reflection.Primitives (>= 4.3) - restriction: >= netstandard1.0
      System.Runtime (>= 4.3) - restriction: >= netstandard1.0
    System.Reflection.Extensions (4.3) - restriction: >= netstandard1.1
      Microsoft.NETCore.Platforms (>= 1.1) - restriction: || (== dnxcore50) (>= netstandard1.0)
      Microsoft.NETCore.Targets (>= 1.1) - restriction: || (== dnxcore50) (>= netstandard1.0)
      System.Reflection (>= 4.3) - restriction: || (== dnxcore50) (>= netstandard1.0)
      System.Runtime (>= 4.3) - restriction: || (== dnxcore50) (>= netstandard1.0)
    System.Reflection.Primitives (4.3) - restriction: >= netstandard1.1
      Microsoft.NETCore.Platforms (>= 1.1) - restriction: || (== dnxcore50) (>= netstandard1.0)
      Microsoft.NETCore.Targets (>= 1.1) - restriction: || (== dnxcore50) (>= netstandard1.0)
      System.Runtime (>= 4.3) - restriction: || (== dnxcore50) (>= netstandard1.0)
    System.Reflection.TypeExtensions (4.3) - restriction: || (>= net452) (>= netstandard1.3)
      System.Reflection (>= 4.3) - restriction: || (== dnxcore50) (== netstandard1.3) (>= netstandard1.5)
      System.Runtime (>= 4.3) - restriction: || (== dnxcore50) (== netstandard1.3) (>= netstandard1.5)
    System.Resources.ResourceManager (4.3) - restriction: >= netstandard1.1
      Microsoft.NETCore.Platforms (>= 1.1) - restriction: || (== dnxcore50) (>= netstandard1.0)
      Microsoft.NETCore.Targets (>= 1.1) - restriction: || (== dnxcore50) (>= netstandard1.0)
      System.Globalization (>= 4.3) - restriction: || (== dnxcore50) (>= netstandard1.0)
      System.Reflection (>= 4.3) - restriction: || (== dnxcore50) (>= netstandard1.0)
      System.Runtime (>= 4.3) - restriction: || (== dnxcore50) (>= netstandard1.0)
    System.Runtime (4.3) - restriction: >= netstandard1.1
      Microsoft.NETCore.Platforms (>= 1.1) - restriction: || (== dnxcore50) (== netstandard1.0) (== netstandard1.2) (== netstandard1.3) (>= netstandard1.5)
      Microsoft.NETCore.Targets (>= 1.1) - restriction: || (== dnxcore50) (== netstandard1.0) (== netstandard1.2) (== netstandard1.3) (>= netstandard1.5)
    System.Runtime.Extensions (4.3) - restriction: >= netstandard1.1
      Microsoft.NETCore.Platforms (>= 1.1) - restriction: || (== dnxcore50) (== netstandard1.0) (== netstandard1.3) (>= netstandard1.5)
      Microsoft.NETCore.Targets (>= 1.1) - restriction: || (== dnxcore50) (== netstandard1.0) (== netstandard1.3) (>= netstandard1.5)
      System.Runtime (>= 4.3) - restriction: || (== dnxcore50) (== netstandard1.0) (== netstandard1.3) (>= netstandard1.5)
    System.Runtime.Handles (4.3) - restriction: || (>= net452) (>= netstandard1.3)
      Microsoft.NETCore.Platforms (>= 1.1) - restriction: >= netstandard1.3
      Microsoft.NETCore.Targets (>= 1.1) - restriction: >= netstandard1.3
      System.Runtime (>= 4.3) - restriction: >= netstandard1.3
    System.Runtime.InteropServices (4.3) - restriction: >= netstandard1.1
      Microsoft.NETCore.Platforms (>= 1.1) - restriction: || (== dnxcore50) (== netstandard1.1) (== netstandard1.2) (== netstandard1.3) (>= netstandard1.5)
      Microsoft.NETCore.Targets (>= 1.1) - restriction: || (== dnxcore50) (== netstandard1.1) (== netstandard1.2) (== netstandard1.3) (>= netstandard1.5)
      System.Reflection (>= 4.3) - restriction: || (== dnxcore50) (== netstandard1.1) (== netstandard1.2) (== netstandard1.3) (>= netstandard1.5)
      System.Reflection.Primitives (>= 4.3) - restriction: || (== dnxcore50) (== netstandard1.1) (== netstandard1.2) (== netstandard1.3) (>= netstandard1.5)
      System.Runtime (>= 4.3) - restriction: || (== dnxcore50) (== netstandard1.1) (== netstandard1.2) (== netstandard1.3) (>= netstandard1.5)
      System.Runtime.Handles (>= 4.3) - restriction: || (== dnxcore50) (== netstandard1.3) (>= netstandard1.5)
    System.Runtime.InteropServices.RuntimeInformation (4.3) - restriction: >= netstandard1.1
      runtime.native.System (>= 4.3) - restriction: >= netstandard1.1
      System.Reflection (>= 4.3) - restriction: || (== dnxcore50) (>= netstandard1.1)
      System.Reflection.Extensions (>= 4.3) - restriction: || (== dnxcore50) (>= netstandard1.1)
      System.Resources.ResourceManager (>= 4.3) - restriction: || (== dnxcore50) (>= netstandard1.1)
      System.Runtime (>= 4.3) - restriction: || (== dnxcore50) (>= netstandard1.1)
      System.Runtime.InteropServices (>= 4.3) - restriction: >= netstandard1.1
      System.Threading (>= 4.3) - restriction: || (== dnxcore50) (>= netstandard1.1)
    System.Runtime.Numerics (4.3) - restriction: >= netstandard1.1
      System.Globalization (>= 4.3) - restriction: || (== dnxcore50) (>= netstandard1.3)
      System.Resources.ResourceManager (>= 4.3) - restriction: || (== dnxcore50) (>= netstandard1.3)
      System.Runtime (>= 4.3) - restriction: || (== dnxcore50) (== netstandard1.1) (>= netstandard1.3)
      System.Runtime.Extensions (>= 4.3) - restriction: || (== dnxcore50) (>= netstandard1.3)
    System.Security.Cryptography.Algorithms (4.3) - restriction: || (>= net452) (>= netstandard1.3)
      Microsoft.NETCore.Platforms (>= 1.1) - restriction: || (== dnxcore50) (>= netstandard1.6)
      runtime.native.System.Security.Cryptography.Apple (>= 4.3) - restriction: >= netstandard1.6
      runtime.native.System.Security.Cryptography.OpenSsl (>= 4.3) - restriction: >= netstandard1.6
      System.Collections (>= 4.3) - restriction: >= netstandard1.6
      System.IO (>= 4.3) - restriction: || (== dnxcore50) (== netstandard1.3) (== netstandard1.4) (>= net463) (>= netstandard1.6)
      System.Resources.ResourceManager (>= 4.3) - restriction: || (== dnxcore50) (>= netstandard1.6)
      System.Runtime (>= 4.3) - restriction: || (== dnxcore50) (== netstandard1.3) (== netstandard1.4) (>= net463) (>= netstandard1.6)
      System.Runtime.Extensions (>= 4.3) - restriction: || (== dnxcore50) (>= netstandard1.6)
      System.Runtime.Handles (>= 4.3) - restriction: || (== dnxcore50) (>= netstandard1.6)
      System.Runtime.InteropServices (>= 4.3) - restriction: || (== dnxcore50) (>= netstandard1.6)
      System.Runtime.Numerics (>= 4.3) - restriction: >= netstandard1.6
      System.Security.Cryptography.Encoding (>= 4.3) - restriction: || (== dnxcore50) (>= net463) (>= netstandard1.6)
      System.Security.Cryptography.Primitives (>= 4.3) - restriction: || (== net46) (== net461) (== dnxcore50) (== netstandard1.3) (== netstandard1.4) (>= net463) (>= netstandard1.6)
      System.Text.Encoding (>= 4.3) - restriction: || (== dnxcore50) (>= netstandard1.6)
    System.Security.Cryptography.Cng (4.3) - restriction: || (>= net46) (>= netstandard1.6)
      Microsoft.NETCore.Platforms (>= 1.1) - restriction: || (== netstandard1.4) (>= netstandard1.6)
      System.IO (>= 4.3) - restriction: || (== netstandard1.3) (== netstandard1.4) (>= netstandard1.6)
      System.Resources.ResourceManager (>= 4.3) - restriction: || (== netstandard1.4) (>= netstandard1.6)
      System.Runtime (>= 4.3) - restriction: || (== netstandard1.3) (== netstandard1.4) (>= netstandard1.6)
      System.Runtime.Extensions (>= 4.3) - restriction: || (== netstandard1.4) (>= netstandard1.6)
      System.Runtime.Handles (>= 4.3) - restriction: || (== netstandard1.3) (== netstandard1.4) (>= netstandard1.6)
      System.Runtime.InteropServices (>= 4.3) - restriction: || (== netstandard1.4) (>= netstandard1.6)
      System.Security.Cryptography.Algorithms (>= 4.3) - restriction: || (== net46) (== net461) (== netstandard1.3) (== netstandard1.4) (>= net463) (>= netstandard1.6)
      System.Security.Cryptography.Encoding (>= 4.3) - restriction: || (== netstandard1.4) (>= netstandard1.6)
      System.Security.Cryptography.Primitives (>= 4.3) - restriction: || (== net46) (== net461) (== netstandard1.3) (== netstandard1.4) (>= net463) (>= netstandard1.6)
      System.Text.Encoding (>= 4.3) - restriction: || (== netstandard1.4) (>= netstandard1.6)
    System.Security.Cryptography.Csp (4.3) - restriction: || (>= net46) (>= netstandard1.6)
      Microsoft.NETCore.Platforms (>= 1.1) - restriction: >= netstandard1.3
      System.IO (>= 4.3) - restriction: >= netstandard1.3
      System.Reflection (>= 4.3) - restriction: >= netstandard1.3
      System.Resources.ResourceManager (>= 4.3) - restriction: >= netstandard1.3
      System.Runtime (>= 4.3) - restriction: >= netstandard1.3
      System.Runtime.Extensions (>= 4.3) - restriction: >= netstandard1.3
      System.Runtime.Handles (>= 4.3) - restriction: >= netstandard1.3
      System.Runtime.InteropServices (>= 4.3) - restriction: >= netstandard1.3
      System.Security.Cryptography.Algorithms (>= 4.3) - restriction: >= netstandard1.3
      System.Security.Cryptography.Encoding (>= 4.3) - restriction: >= netstandard1.3
      System.Security.Cryptography.Primitives (>= 4.3) - restriction: >= netstandard1.3
      System.Text.Encoding (>= 4.3) - restriction: >= netstandard1.3
      System.Threading (>= 4.3) - restriction: >= netstandard1.3
    System.Security.Cryptography.Encoding (4.3) - restriction: || (>= net452) (>= netstandard1.3)
      Microsoft.NETCore.Platforms (>= 1.1) - restriction: >= netstandard1.3
      runtime.native.System.Security.Cryptography.OpenSsl (>= 4.3) - restriction: >= netstandard1.3
      System.Collections (>= 4.3) - restriction: >= netstandard1.3
      System.Collections.Concurrent (>= 4.3) - restriction: >= netstandard1.3
      System.Linq (>= 4.3) - restriction: >= netstandard1.3
      System.Resources.ResourceManager (>= 4.3) - restriction: >= netstandard1.3
      System.Runtime (>= 4.3) - restriction: >= netstandard1.3
      System.Runtime.Extensions (>= 4.3) - restriction: >= netstandard1.3
      System.Runtime.Handles (>= 4.3) - restriction: >= netstandard1.3
      System.Runtime.InteropServices (>= 4.3) - restriction: >= netstandard1.3
      System.Security.Cryptography.Primitives (>= 4.3) - restriction: >= netstandard1.3
      System.Text.Encoding (>= 4.3) - restriction: >= netstandard1.3
    System.Security.Cryptography.OpenSsl (4.3) - restriction: || (>= net452) (>= netstandard1.6)
      runtime.native.System.Security.Cryptography.OpenSsl (>= 4.3) - restriction: || (== monoandroid) (>= net463) (>= netstandard1.6)
      System.Collections (>= 4.3) - restriction: >= netstandard1.6
      System.IO (>= 4.3) - restriction: || (>= net463) (>= netstandard1.6)
      System.Resources.ResourceManager (>= 4.3) - restriction: >= netstandard1.6
      System.Runtime (>= 4.3) - restriction: || (>= net463) (>= netstandard1.6)
      System.Runtime.Extensions (>= 4.3) - restriction: || (>= net463) (>= netstandard1.6)
      System.Runtime.Handles (>= 4.3) - restriction: >= netstandard1.6
      System.Runtime.InteropServices (>= 4.3) - restriction: >= netstandard1.6
      System.Runtime.Numerics (>= 4.3) - restriction: >= netstandard1.6
      System.Security.Cryptography.Algorithms (>= 4.3) - restriction: || (>= net463) (>= netstandard1.6)
      System.Security.Cryptography.Encoding (>= 4.3) - restriction: || (>= net463) (>= netstandard1.6)
      System.Security.Cryptography.Primitives (>= 4.3) - restriction: || (>= net463) (>= netstandard1.6)
      System.Text.Encoding (>= 4.3) - restriction: >= netstandard1.6
    System.Security.Cryptography.Primitives (4.3) - restriction: || (>= net452) (>= netstandard1.3)
      System.Diagnostics.Debug (>= 4.3) - restriction: >= netstandard1.3
      System.Globalization (>= 4.3) - restriction: >= netstandard1.3
      System.IO (>= 4.3) - restriction: >= netstandard1.3
      System.Resources.ResourceManager (>= 4.3) - restriction: >= netstandard1.3
      System.Runtime (>= 4.3) - restriction: >= netstandard1.3
      System.Threading (>= 4.3) - restriction: >= netstandard1.3
      System.Threading.Tasks (>= 4.3) - restriction: >= netstandard1.3
    System.Security.Cryptography.X509Certificates (4.3) - restriction: >= netstandard1.3
      Microsoft.NETCore.Platforms (>= 1.1) - restriction: || (== dnxcore50) (>= netstandard1.6)
      runtime.native.System (>= 4.3) - restriction: >= netstandard1.6
      runtime.native.System.Net.Http (>= 4.3) - restriction: >= netstandard1.6
      runtime.native.System.Security.Cryptography.OpenSsl (>= 4.3) - restriction: >= netstandard1.6
      System.Collections (>= 4.3) - restriction: || (== dnxcore50) (>= netstandard1.6)
      System.Diagnostics.Debug (>= 4.3) - restriction: >= netstandard1.6
      System.Globalization (>= 4.3) - restriction: || (== dnxcore50) (>= netstandard1.6)
      System.Globalization.Calendars (>= 4.3) - restriction: || (== dnxcore50) (>= netstandard1.6)
      System.IO (>= 4.3) - restriction: || (== dnxcore50) (>= netstandard1.6)
      System.IO.FileSystem (>= 4.3) - restriction: || (== dnxcore50) (>= netstandard1.6)
      System.IO.FileSystem.Primitives (>= 4.3) - restriction: >= netstandard1.6
      System.Resources.ResourceManager (>= 4.3) - restriction: || (== dnxcore50) (>= netstandard1.6)
      System.Runtime (>= 4.3) - restriction: || (== dnxcore50) (== netstandard1.3) (== netstandard1.4) (>= netstandard1.6)
      System.Runtime.Extensions (>= 4.3) - restriction: || (== dnxcore50) (>= netstandard1.6)
      System.Runtime.Handles (>= 4.3) - restriction: || (== dnxcore50) (== netstandard1.3) (== netstandard1.4) (>= netstandard1.6)
      System.Runtime.InteropServices (>= 4.3) - restriction: || (== dnxcore50) (>= netstandard1.6)
      System.Runtime.Numerics (>= 4.3) - restriction: || (== dnxcore50) (>= netstandard1.6)
      System.Security.Cryptography.Algorithms (>= 4.3) - restriction: || (== net46) (== dnxcore50) (== netstandard1.3) (== netstandard1.4) (>= net461) (>= netstandard1.6)
      System.Security.Cryptography.Cng (>= 4.3) - restriction: || (== dnxcore50) (>= netstandard1.6)
      System.Security.Cryptography.Csp (>= 4.3) - restriction: >= netstandard1.6
      System.Security.Cryptography.Encoding (>= 4.3) - restriction: || (== net46) (== dnxcore50) (== netstandard1.3) (== netstandard1.4) (>= net461) (>= netstandard1.6)
      System.Security.Cryptography.OpenSsl (>= 4.3) - restriction: >= netstandard1.6
      System.Security.Cryptography.Primitives (>= 4.3) - restriction: || (== dnxcore50) (>= netstandard1.6)
      System.Text.Encoding (>= 4.3) - restriction: || (== dnxcore50) (>= netstandard1.6)
      System.Threading (>= 4.3) - restriction: || (== dnxcore50) (>= netstandard1.6)
    System.Text.Encoding (4.3) - restriction: >= netstandard1.1
      Microsoft.NETCore.Platforms (>= 1.1) - restriction: || (== dnxcore50) (== netstandard1.0) (>= netstandard1.3)
      Microsoft.NETCore.Targets (>= 1.1) - restriction: || (== dnxcore50) (== netstandard1.0) (>= netstandard1.3)
      System.Runtime (>= 4.3) - restriction: || (== dnxcore50) (== netstandard1.0) (>= netstandard1.3)
    System.Text.Encoding.Extensions (4.3) - restriction: >= netstandard1.1
      Microsoft.NETCore.Platforms (>= 1.1) - restriction: || (== dnxcore50) (== netstandard1.0) (>= netstandard1.3)
      Microsoft.NETCore.Targets (>= 1.1) - restriction: || (== dnxcore50) (== netstandard1.0) (>= netstandard1.3)
      System.Runtime (>= 4.3) - restriction: || (== dnxcore50) (== netstandard1.0) (>= netstandard1.3)
      System.Text.Encoding (>= 4.3) - restriction: || (== dnxcore50) (== netstandard1.0) (>= netstandard1.3)
    System.Text.RegularExpressions (4.3) - restriction: >= netstandard1.1
      System.Collections (>= 4.3) - restriction: || (== dnxcore50) (>= netstandard1.6)
      System.Globalization (>= 4.3) - restriction: || (== dnxcore50) (>= netstandard1.6)
      System.Resources.ResourceManager (>= 4.3) - restriction: || (== dnxcore50) (>= netstandard1.6)
      System.Runtime (>= 4.3) - restriction: || (== dnxcore50) (== netstandard1.0) (== netstandard1.3) (>= netstandard1.6)
      System.Runtime.Extensions (>= 4.3) - restriction: || (== dnxcore50) (>= netstandard1.6)
      System.Threading (>= 4.3) - restriction: || (== dnxcore50) (>= netstandard1.6)
    System.Threading (4.3) - restriction: >= netstandard1.1
      System.Runtime (>= 4.3) - restriction: || (== dnxcore50) (== netstandard1.0) (>= netstandard1.3)
      System.Threading.Tasks (>= 4.3) - restriction: || (== dnxcore50) (== netstandard1.0) (>= netstandard1.3)
    System.Threading.Tasks (4.3) - restriction: >= netstandard1.1
      Microsoft.NETCore.Platforms (>= 1.1) - restriction: || (== dnxcore50) (== netstandard1.0) (>= netstandard1.3)
      Microsoft.NETCore.Targets (>= 1.1) - restriction: || (== dnxcore50) (== netstandard1.0) (>= netstandard1.3)
      System.Runtime (>= 4.3) - restriction: || (== dnxcore50) (== netstandard1.0) (>= netstandard1.3)
    System.Threading.Tasks.Extensions (4.3) - restriction: || (>= net452) (>= netstandard1.3)
      System.Collections (>= 4.3) - restriction: >= netstandard1.0
      System.Runtime (>= 4.3) - restriction: >= netstandard1.0
      System.Threading.Tasks (>= 4.3) - restriction: >= netstandard1.0
    System.Threading.Timer (4.3) - restriction: >= netstandard1.2
      Microsoft.NETCore.Platforms (>= 1.1) - restriction: || (== dnxcore50) (>= netstandard1.2)
      Microsoft.NETCore.Targets (>= 1.1) - restriction: || (== dnxcore50) (>= netstandard1.2)
      System.Runtime (>= 4.3) - restriction: || (== dnxcore50) (>= netstandard1.2)
    System.Xml.ReaderWriter (4.3) - restriction: >= netstandard1.1
      System.Collections (>= 4.3) - restriction: || (== dnxcore50) (>= netstandard1.3)
      System.Diagnostics.Debug (>= 4.3) - restriction: || (== dnxcore50) (>= netstandard1.3)
      System.Globalization (>= 4.3) - restriction: || (== dnxcore50) (>= netstandard1.3)
      System.IO (>= 4.3) - restriction: || (== dnxcore50) (== netstandard1.0) (>= netstandard1.3)
      System.IO.FileSystem (>= 4.3) - restriction: || (== dnxcore50) (>= netstandard1.3)
      System.IO.FileSystem.Primitives (>= 4.3) - restriction: || (== dnxcore50) (>= netstandard1.3)
      System.Resources.ResourceManager (>= 4.3) - restriction: || (== dnxcore50) (>= netstandard1.3)
      System.Runtime (>= 4.3) - restriction: || (== dnxcore50) (== netstandard1.0) (>= netstandard1.3)
      System.Runtime.Extensions (>= 4.3) - restriction: || (== dnxcore50) (>= netstandard1.3)
      System.Runtime.InteropServices (>= 4.3) - restriction: || (== dnxcore50) (>= netstandard1.3)
      System.Text.Encoding (>= 4.3) - restriction: || (== dnxcore50) (== netstandard1.0) (>= netstandard1.3)
      System.Text.Encoding.Extensions (>= 4.3) - restriction: || (== dnxcore50) (>= netstandard1.3)
      System.Text.RegularExpressions (>= 4.3) - restriction: || (== dnxcore50) (>= netstandard1.3)
      System.Threading.Tasks (>= 4.3) - restriction: || (== dnxcore50) (== netstandard1.0) (>= netstandard1.3)
      System.Threading.Tasks.Extensions (>= 4.3) - restriction: || (== dnxcore50) (>= netstandard1.3)
    System.Xml.XDocument (4.3) - restriction: >= netstandard1.1
      System.Collections (>= 4.3) - restriction: || (== dnxcore50) (>= netstandard1.3)
      System.Diagnostics.Debug (>= 4.3) - restriction: || (== dnxcore50) (>= netstandard1.3)
      System.Diagnostics.Tools (>= 4.3) - restriction: || (== dnxcore50) (>= netstandard1.3)
      System.Globalization (>= 4.3) - restriction: || (== dnxcore50) (>= netstandard1.3)
      System.IO (>= 4.3) - restriction: || (== dnxcore50) (== netstandard1.0) (>= netstandard1.3)
      System.Reflection (>= 4.3) - restriction: || (== dnxcore50) (>= netstandard1.3)
      System.Resources.ResourceManager (>= 4.3) - restriction: || (== dnxcore50) (>= netstandard1.3)
      System.Runtime (>= 4.3) - restriction: || (== dnxcore50) (== netstandard1.0) (>= netstandard1.3)
      System.Runtime.Extensions (>= 4.3) - restriction: || (== dnxcore50) (>= netstandard1.3)
      System.Text.Encoding (>= 4.3) - restriction: || (== dnxcore50) (>= netstandard1.3)
      System.Threading (>= 4.3) - restriction: || (== dnxcore50) (>= netstandard1.3)
      System.Xml.ReaderWriter (>= 4.3) - restriction: || (== dnxcore50) (== netstandard1.0) (>= netstandard1.3)
    xunit (2.2)
      xunit.assert (2.2)
      xunit.core (2.2)
    xunit.abstractions (2.0.1) - restriction: >= netstandard1.1
      NETStandard.Library (>= 1.6) - restriction: >= netstandard1.0
    xunit.assert (2.2)
      NETStandard.Library (>= 1.6) - restriction: >= netstandard1.1
    xunit.core (2.2)
      xunit.extensibility.core (2.2)
      xunit.extensibility.execution (2.2)
    xunit.extensibility.core (2.2)
      NETStandard.Library (>= 1.6) - restriction: >= netstandard1.1
      xunit.abstractions (>= 2.0.1) - restriction: >= netstandard1.1
    xunit.extensibility.execution (2.2)
      NETStandard.Library (>= 1.6) - restriction: >= netstandard1.1
      xunit.extensibility.core (2.2) - restriction: >= netstandard1.1
